GEM
  remote: https://rubygems.org/
  specs:
    case (0.5.2.1)
    cod (0.4.4)
    text-highlight (1.0.2)

PLATFORMS
  ruby

DEPENDENCIES
  case
  cod
  text-highlight
