GEM
  remote: http://rubygems.org/
  specs:
    beanstalk-client (1.1.0)
    diff-lcs (1.1.2)
    flexmock (0.8.11)
    growl (1.0.3)
    guard (0.8.8)
      thor (~> 0.14.6)
    guard-rspec (0.1.9)
      guard (>= 0.2.2)
    json (1.5.3)
    macaddr (1.4.0)
      systemu (~> 2.2.0)
    rake (0.9.2)
    rb-fsevent (0.4.3.1)
    rdoc (2.4.3)
    rspec (2.4.0)
      rspec-core (~> 2.4.0)
      rspec-expectations (~> 2.4.0)
      rspec-mocks (~> 2.4.0)
    rspec-core (2.4.0)
    rspec-expectations (2.4.0)
      diff-lcs (~> 1.1.2)
    rspec-mocks (2.4.0)
    sdoc (0.2.20)
      json (>= 1.1.3)
      rdoc (= 2.4.3)
    systemu (2.2.0)
    thor (0.14.6)
    uuid (2.3.3)
      macaddr (~> 1.0)

PLATFORMS
  ruby

DEPENDENCIES
  beanstalk-client
  flexmock
  growl
  guard
  guard-rspec
  rake
  rb-fsevent
  rdoc
  rspec
  sdoc
  uuid
